GEM
  remote: http://rubygems.org/
  specs:
    activemodel (4.0.3)
      activesupport (= 4.0.3)
      builder (~> 3.1.0)
    activerecord (4.0.3)
      activemodel (= 4.0.3)
      activerecord-deprecated_finders (~> 1.0.2)
      activesupport (= 4.0.3)
      arel (~> 4.0.0)
    activerecord-deprecated_finders (1.0.3)
    activesupport (4.0.3)
      i18n (~> 0.6, >= 0.6.4)
      minitest (~> 4.2)
      multi_json (~> 1.3)
      thread_safe (~> 0.1)
      tzinfo (~> 0.3.37)
    arel (4.0.2)
    builder (3.1.4)
    concurrent-ruby (1.1.4)
    diff-lcs (1.3)
    faker (1.3.0)
      i18n (~> 0.5)
    i18n (0.9.1)
      concurrent-ruby (~> 1.0)
    minitest (4.7.5)
    multi_json (1.13.1)
    rake (10.5.0)
    rspec (2.14.1)
      rspec-core (~> 2.14.0)
      rspec-expectations (~> 2.14.0)
      rspec-mocks (~> 2.14.0)
    rspec-core (2.14.8)
    rspec-expectations (2.14.5)
      diff-lcs (>= 1.1.3, < 2.0)
    rspec-mocks (2.14.6)
    sqlite3 (1.3.13)
    thread_safe (0.3.6)
    tzinfo (0.3.39)

PLATFORMS
  ruby

DEPENDENCIES
  activemodel (= 4.0.3)
  activerecord (= 4.0.3)
  faker (= 1.3.0)
  rake (< 11.0)
  rspec (= 2.14.1)
  sqlite3 (~> 1.3.6)

BUNDLED WITH
   1.15.1
